GEM
  remote: https://rubygems.org/
  specs:
    ast (2.4.2)
    cane (3.0.0)
      parallel
    coderay (1.1.3)
    diff-lcs (1.4.4)
    kwalify (0.7.2)
    method_source (1.0.0)
    parallel (1.20.1)
    parser (3.0.1.1)
      ast (~> 2.4.1)
    pry (0.14.1)
      coderay (~> 1.1)
      method_source (~> 1.0)
    psych (3.3.2)
    rainbow (3.0.0)
    rake (13.0.3)
    reek (6.0.4)
      kwalify (~> 0.7.0)
      parser (~> 3.0.0)
      psych (~> 3.1)
      rainbow (>= 2.0, < 4.0)
    rspec (3.10.0)
      rspec-core (~> 3.10.0)
      rspec-expectations (~> 3.10.0)
      rspec-mocks (~> 3.10.0)
    rspec-core (3.10.1)
      rspec-support (~> 3.10.0)
    rspec-expectations (3.10.1)
      diff-lcs (>= 1.2.0, < 2.0)
      rspec-support (~> 3.10.0)
    rspec-mocks (3.10.2)
      diff-lcs (>= 1.2.0, < 2.0)
      rspec-support (~> 3.10.0)
    rspec-support (3.10.2)

PLATFORMS
  x86_64-darwin-19

DEPENDENCIES
  cane
  pry
  rake
  reek
  rspec

BUNDLED WITH
   2.2.3
